NUGET
  remote: https://www.nuget.org/api/v2
    FSharp.Compiler.Service (0.0.90)
    FSharp.Core (4.0.0.1)
    FSharp.Data (2.3.1)
      Zlib.Portable (>= 1.11) - framework: portable-net45+sl5+win8, portable-net45+win8, portable-net45+win8+wp8+wpa81
    FSharp.Formatting (2.10.3)
      FSharp.Compiler.Service (>= 0.0.90 <= 1.3)
      FSharpVSPowerTools.Core (1.9)
    FSharp.RDF (1.1.101)
    FSharp.Text.RegexProvider (0.0.7)
    FSharpVSPowerTools.Core (1.9)
      FSharp.Compiler.Service (>= 0.0.90)
    FsUnit (2.3)
      FSharp.Core (>= 3.1.2.5)
      NUnit (3.4)
    Fuchu (1.0.3)
      FSharp.Core (>= 3.1.2.1)
    NUnit (3.4)
    NUnit.ConsoleRunner (3.4)
    NUnit.Extension.NUnitProjectLoader (3.4)
    NUnit.Extension.NUnitV2Driver (3.4)
    NUnit.Extension.NUnitV2ResultWriter (3.4)
    NUnit.Extension.TeamCityEventListener (1.0)
    NUnit.Extension.VSProjectLoader (3.4)
    NUnit.Runners (3.4)
      NUnit.ConsoleRunner (3.4)
      NUnit.Extension.NUnitProjectLoader (3.4)
      NUnit.Extension.NUnitV2Driver (3.4)
      NUnit.Extension.NUnitV2ResultWriter (3.4)
      NUnit.Extension.TeamCityEventListener (1.0)
      NUnit.Extension.VSProjectLoader (3.4)
    Suave (1.1.3)
      FSharp.Core (>= 3.1.2.5)
    Suave.Testing (1.1.3)
      FSharp.Core (>= 3.1.2.5)
      Fuchu (>= 1.0.2)
      Suave (>= 1.1.3)
    Zlib.Portable (1.11) - framework: portable-net45+sl5+win8, portable-net45+win8, portable-net45+win8+wp8+wpa81

GROUP Build
NUGET
  remote: https://www.nuget.org/api/v2
    FAKE (4.29.2)
    FSharp.Compiler.Service (2.0.0.6)
    FSharp.Formatting (2.14.4)
      FSharp.Compiler.Service (2.0.0.6)
      FSharpVSPowerTools.Core (>= 2.3 < 2.4)
    FSharpVSPowerTools.Core (2.3)
      FSharp.Compiler.Service (>= 2.0.0.3)
    Microsoft.Bcl (1.1.10) - framework: net10, net11, net20, net30, net35, net40, net40-full
      Microsoft.Bcl.Build (>= 1.0.14)
    Microsoft.Bcl.Build (1.0.21) - import_targets: false, framework: net10, net11, net20, net30, net35, net40, net40-full
    Microsoft.Net.Http (2.2.29) - framework: net10, net11, net20, net30, net35, net40, net40-full
      Microsoft.Bcl (>= 1.1.10)
      Microsoft.Bcl.Build (>= 1.0.14)
    Octokit (0.20)
      Microsoft.Net.Http  - framework: net10, net11, net20, net30, net35, net40, net40-full
    SourceLink.Fake (1.1)
GITHUB
  remote: fsharp/FAKE
    modules/Octokit/Octokit.fsx (c56456abac6b744c3bb95b217687db19fd19b367)
      Octokit
GROUP Test
NUGET
  remote: https://www.nuget.org/api/v2
    NUnit (2.6.4)
    NUnit.Runners (2.6.4)
